PATH
  remote: .
  specs:
    abnormal (0.0.0)
      mongo

GEM
  remote: http://rubygems.org/
  specs:
    ZenTest (4.4.2)
    bson (1.3.1)
    bson_ext (1.3.1)
    diff-lcs (1.1.2)
    mongo (1.3.1)
      bson (>= 1.3.1)
    rake (0.8.7)
    rspec (2.6.0)
      rspec-core (~> 2.6.0)
      rspec-expectations (~> 2.6.0)
      rspec-mocks (~> 2.6.0)
    rspec-core (2.6.4)
    rspec-expectations (2.6.0)
      diff-lcs (~> 1.1.2)
    rspec-mocks (2.6.0)
    simplecov (0.4.2)
      simplecov-html (~> 0.4.4)
    simplecov-html (0.4.5)

PLATFORMS
  ruby

DEPENDENCIES
  ZenTest (~> 4.4.2)
  abnormal!
  bson_ext
  mongo
  rake
  rspec
  simplecov
